GEM
  remote: https://rubygems.org/
  specs:
    minitest (5.26.0)
    rake (13.3.0)

PLATFORMS
  x86_64-darwin-24

DEPENDENCIES
  minitest
  rake

BUNDLED WITH
   2.7.2
