GEM
  remote: https://rubygems.org/
  specs:
    coderay (1.1.3)
    method_source (1.1.0)
    minitest (5.26.0)
    pry (0.15.2)
      coderay (~> 1.1)
      method_source (~> 1.0)
    rake (13.3.0)

PLATFORMS
  x86_64-darwin-24

DEPENDENCIES
  minitest
  pry
  rake

BUNDLED WITH
   2.7.2
